GEM
  remote: http://rubygems.org/
  specs:
    jsonpath (0.5.5)
      multi_json
    multi_json (1.8.4)

PLATFORMS
  ruby

DEPENDENCIES
  jsonpath
